GEM
  remote: https://rubygems.org/
  specs:
    daemons (1.1.9)
    diff-lcs (1.2.5)
    dotenv (0.9.0)
    eventmachine (1.0.3)
    hashie (2.0.5)
    httparty (0.12.0)
      json (~> 1.8)
      multi_xml (>= 0.5.2)
    json (1.8.1)
    multi_xml (0.5.5)
    rack (1.5.2)
    rack-protection (1.5.2)
      rack
    rake (10.1.1)
    rspec (2.14.1)
      rspec-core (~> 2.14.0)
      rspec-expectations (~> 2.14.0)
      rspec-mocks (~> 2.14.0)
    rspec-core (2.14.7)
    rspec-expectations (2.14.4)
      diff-lcs (>= 1.1.3, < 2.0)
    rspec-mocks (2.14.4)
    sinatra (1.4.4)
      rack (~> 1.4)
      rack-protection (~> 1.4)
      tilt (~> 1.3, >= 1.3.4)
    thin (1.6.1)
      daemons (>= 1.0.9)
      eventmachine (>= 1.0.0)
      rack (>= 1.0.0)
    tilt (1.4.1)

PLATFORMS
  ruby

DEPENDENCIES
  dotenv (~> 0.9.0)
  hashie (~> 2.0.5)
  httparty (~> 0.12.0)
  json (~> 1.8.1)
  rack (~> 1.5.2)
  rake (~> 10.1.1)
  rspec
  sinatra (~> 1.4.4)
  thin (~> 1.6.1)
